GEM
  remote: https://rubygems.org/
  specs:
    builder (3.2.2)
    cucumber (1.3.19)
      builder (>= 2.1.2)
      diff-lcs (>= 1.1.3)
      gherkin (~> 2.12)
      multi_json (>= 1.7.5, < 2.0)
      multi_test (>= 0.1.2)
    data_magic (0.20)
      faker (>= 1.1.2)
      yml_reader (>= 0.4)
    diff-lcs (1.2.5)
    faker (1.4.3)
      i18n (~> 0.5)
    ffi (1.9.6-x86-mingw32)
    gherkin (2.12.2-x86-mingw32)
      multi_json (~> 1.3)
    i18n (0.7.0)
    mini_magick (3.5.0)
      subexec (~> 0.2.1)
    multi_json (1.11.0)
    multi_test (0.1.2)
    page_navigation (0.9)
      data_magic (>= 0.14)
    rake (10.4.2)
    rautomation (0.17.0)
      ffi (~> 1.9.0)
    rspec (3.2.0)
      rspec-core (~> 3.2.0)
      rspec-expectations (~> 3.2.0)
      rspec-mocks (~> 3.2.0)
    rspec-core (3.2.2)
      rspec-support (~> 3.2.0)
    rspec-expectations (3.2.0)
      diff-lcs (>= 1.2.0, < 2.0)
      rspec-support (~> 3.2.0)
    rspec-mocks (3.2.1)
      diff-lcs (>= 1.2.0, < 2.0)
      rspec-support (~> 3.2.0)
    rspec-support (3.2.2)
    subexec (0.2.3)
    te3270 (0.4.1-x86-mingw32)
      page_navigation (>= 0.9)
      win32screenshot
    win32screenshot (1.0.10)
      ffi (~> 1.0)
      mini_magick (~> 3.5.0)
      rautomation (~> 0.7)
    yml_reader (0.5)

PLATFORMS
  x86-mingw32

DEPENDENCIES
  cucumber
  rake
  rautomation
  rspec
  te3270
